PATH
  remote: .
  specs:
    briskly (0.0.1)

GEM
  remote: https://rubygems.org/
  specs:
    diff-lcs (1.2.5)
    rake (10.1.1)
    rspec (2.14.1)
      rspec-core (~> 2.14.0)
      rspec-expectations (~> 2.14.0)
      rspec-mocks (~> 2.14.0)
    rspec-core (2.14.7)
    rspec-expectations (2.14.5)
      diff-lcs (>= 1.1.3, < 2.0)
    rspec-mocks (2.14.5)

PLATFORMS
  ruby

DEPENDENCIES
  briskly!
  bundler (~> 1.4)
  rake (~> 10.0)
  rspec (~> 2.4)
